PATH
  remote: .
  specs:
    banking (1.0.1)

GEM
  remote: https://rubygems.org/
  specs:
    minitest (5.10.3)
    rake (12.3.0)

PLATFORMS
  ruby

DEPENDENCIES
  banking!
  bundler (~> 1.16)
  minitest (~> 5.1)
  rake (~> 12.3)

BUNDLED WITH
   1.17.3
